GEM
  remote: https://rubygems.org/
  specs:
    minitest (3.3.0)
    rake (0.9.2.2)

PLATFORMS
  ruby

DEPENDENCIES
  minitest
  rake
