GEM
  remote: https://rubygems.org/
  specs:
    minitest (3.3.0)
    rake (12.3.3)

PLATFORMS
  ruby

DEPENDENCIES
  minitest
  rake
